PATH
  remote: .
  specs:
    migration_tools (0.1.7)
      activerecord (~> 2.3.14)

GEM
  remote: http://rubygems.org/
  specs:
    activerecord (2.3.14)
      activesupport (= 2.3.14)
    activesupport (2.3.14)
    metaclass (0.0.1)
    mocha (0.11.4)
      metaclass (~> 0.0.1)
    rake (0.9.2.2)
    test-unit (2.5.1)

PLATFORMS
  ruby

DEPENDENCIES
  migration_tools!
  mocha (~> 0.11.0)
  rake
  test-unit (>= 2.5.1)
