PATH
  remote: .
  specs:
    migration_tools (1.6.0)
      activerecord (>= 3.2.6, < 6.2)

GEM
  remote: https://rubygems.org/
  specs:
    activemodel (6.1.3)
      activesupport (= 6.1.3)
    activerecord (6.1.3)
      activemodel (= 6.1.3)
      activesupport (= 6.1.3)
    activesupport (6.1.3)
      concurrent-ruby (~> 1.0, >= 1.0.2)
      i18n (>= 1.6, < 2)
      minitest (>= 5.1)
      tzinfo (~> 2.0)
      zeitwerk (~> 2.3)
    bump (0.9.0)
    concurrent-ruby (1.1.8)
    i18n (1.8.9)
      concurrent-ruby (~> 1.0)
    iconv (1.0.8)
    minitest (5.14.0)
    minitest-rg (5.2.0)
      minitest (~> 5.0)
    mocha (1.11.2)
    rake (13.0.1)
    sqlite3 (1.4.2)
    tzinfo (2.0.4)
      concurrent-ruby (~> 1.0)
    wwtd (1.4.1)
    zeitwerk (2.4.2)

PLATFORMS
  ruby

DEPENDENCIES
  bump
  iconv
  migration_tools!
  minitest
  minitest-rg
  mocha
  rake
  sqlite3
  wwtd

BUNDLED WITH
   2.1.4
